GIT
  remote: https://github.com/NREL/bcl-gem
  revision: 1a325a72ff0f3058835d0353c8fb8904412977d4
  specs:
    bcl (0.5.6)
      archive-tar-minitar
      builder
      faraday
      multi_json
      nokogiri
      roo
      rubyXL
      rubyzip
      uuid
      yamler
      zliby

GIT
  remote: https://github.com/circleci/minitest-ci.git
  revision: 1e655bbfeafe9120db9a527794fa1125e3d99081
  specs:
    minitest-ci (3.0.4.pre)
      minitest (~> 5.0, >= 5.0.6)

GEM
  remote: http://rubygems.org/
  specs:
    ansi (1.5.0)
    archive-tar-minitar (0.5.2)
    ast (2.3.0)
    astrolabe (1.3.1)
      parser (~> 2.2)
    builder (3.2.2)
    ci_reporter (2.0.0)
      builder (>= 2.1.2)
    ci_reporter_minitest (1.0.0)
      ci_reporter (~> 2.0)
      minitest (~> 5.0)
    coveralls (0.8.0)
      multi_json (~> 1.10)
      rest-client (>= 1.6.8, < 2)
      simplecov (~> 0.9.1)
      term-ansicolor (~> 1.3)
      thor (~> 0.19.1)
    docile (1.1.5)
    docker-api (1.31.0)
      excon (>= 0.38.0)
      json
    domain_name (0.5.20160615)
      unf (>= 0.0.5, < 1.0.0)
    excon (0.51.0)
    faraday (0.9.2)
      multipart-post (>= 1.2, < 3)
    http-cookie (1.0.2)
      domain_name (~> 0.5)
    json (1.7.7)
    macaddr (1.7.1)
      systemu (~> 2.6.2)
    mime-types (2.99.2)
    mini_portile2 (2.1.0)
    minitest (5.4.3)
    minitest-reporters (1.1.11)
      ansi
      builder
      minitest (>= 5.0)
      ruby-progressbar
    multi_json (1.12.1)
    multipart-post (2.0.0)
    netrc (0.11.0)
    nokogiri (1.6.8)
      mini_portile2 (~> 2.1.0)
      pkg-config (~> 1.1.7)
    parser (2.3.1.2)
      ast (~> 2.2)
    pkg-config (1.1.7)
    powerpack (0.0.9)
    rainbow (2.1.0)
    rake (11.1.2)
    rest-client (1.8.0)
      http-cookie (>= 1.0.2, < 2.0)
      mime-types (>= 1.16, < 3.0)
      netrc (~> 0.7)
    roo (2.5.0)
      nokogiri (~> 1)
      rubyzip (~> 1.1, < 2.0.0)
    rubocop (0.26.1)
      astrolabe (~> 1.3)
      parser (>= 2.2.0.pre.4, < 3.0)
      powerpack (~> 0.0.6)
      rainbow (>= 1.99.1, < 3.0)
      ruby-progressbar (~> 1.4)
    rubocop-checkstyle_formatter (0.1.1)
      rubocop (>= 0.14.0)
    ruby-progressbar (1.8.1)
    rubyXL (3.3.21)
      nokogiri (>= 1.4.4)
      rubyzip (>= 1.1.6)
    rubyzip (1.2.0)
    simplecov (0.9.2)
      docile (~> 1.1.0)
      multi_json (~> 1.0)
      simplecov-html (~> 0.9.0)
    simplecov-html (0.9.0)
    systemu (2.6.5)
    term-ansicolor (1.3.2)
      tins (~> 1.0)
    thor (0.19.1)
    tins (1.12.0)
    unf (0.1.4)
      unf_ext
    unf_ext (0.0.7.2)
    uuid (2.3.8)
      macaddr (~> 1.0)
    yamler (0.1.0)
    zliby (0.0.5)

PLATFORMS
  ruby

DEPENDENCIES
  bcl!
  ci_reporter_minitest (~> 1.0.0)
  coveralls
  docker-api
  json (~> 1.7.7)
  minitest (~> 5.4.0)
  minitest-ci!
  minitest-reporters
  rake (~> 11.1.2)
  rubocop (~> 0.26.0)
  rubocop-checkstyle_formatter (~> 0.1.1)

BUNDLED WITH
   1.12.5
